GIT
  remote: git://github.com/roots/capistrano-grunt.git
  revision: bf87034ad9345d8653070bdcab62e8660593787c
  specs:
    capistrano-grunt (0.0.4)
      capistrano (>= 3.0.0.pre)

GEM
  remote: https://rubygems.org/
  specs:
    capistrano (3.1.0)
      i18n
      rake (>= 10.0.0)
      sshkit (~> 1.3)
    capistrano-bower (1.0.0)
      capistrano (~> 3.0)
    capistrano-npm (1.0.0)
      capistrano (>= 3.0.0.pre)
    capistrano-slackify (1.0.0)
      capistrano (>= 3.1.0)
      yajl-ruby
    i18n (0.6.9)
    net-scp (1.1.2)
      net-ssh (>= 2.6.5)
    net-ssh (2.8.0)
    rake (10.1.1)
    sshkit (1.3.0)
      net-scp (>= 1.1.2)
      net-ssh
      term-ansicolor
    term-ansicolor (1.3.0)
      tins (~> 1.0)
    tins (1.0.0)
    yajl-ruby (1.2.1)

PLATFORMS
  ruby

DEPENDENCIES
  capistrano (~> 3.1)
  capistrano-bower
  capistrano-grunt!
  capistrano-npm
  capistrano-slackify
